GEM
  remote: https://rubygems.org/
  specs:
    colorator (1.1.0)
    crass (1.0.2)
    ffi (1.9.14)
    forwardable-extended (2.6.0)
    jekyll (3.2.1)
      colorator (~> 1.0)
      jekyll-sass-converter (~> 1.0)
      jekyll-watch (~> 1.1)
      kramdown (~> 1.3)
      liquid (~> 3.0)
      mercenary (~> 0.3.3)
      pathutil (~> 0.9)
      rouge (~> 1.7)
      safe_yaml (~> 1.0)
    jekyll-sass-converter (1.4.0)
      sass (~> 3.4)
    jekyll-watch (1.5.0)
      listen (~> 3.0, < 3.1)
    kgio (2.10.0)
    kramdown (1.12.0)
    lanyon (0.4.0)
      jekyll (>= 2.0, < 4.0)
      rack (>= 1.6, < 3.0)
    liquid (3.0.6)
    listen (3.0.8)
      rb-fsevent (~> 0.9, >= 0.9.4)
      rb-inotify (~> 0.9, >= 0.9.7)
    mercenary (0.3.6)
    mini_portile2 (2.1.0)
    multipart_body (0.2.1)
    nokogiri (1.6.8.1)
      mini_portile2 (~> 2.1.0)
    paint (1.0.1)
    pathutil (0.14.0)
      forwardable-extended (~> 2.6)
    rack (2.0.1)
    rack-protection (1.5.3)
      rack
    rack-rewrite (1.5.1)
    rack-ssl (1.4.1)
      rack
    raindrops (0.16.0)
    rake (11.2.2)
    rb-fsevent (0.9.7)
    rb-inotify (0.9.7)
      ffi (>= 0.5.0)
    rouge (1.11.1)
    safe_yaml (1.0.4)
    sass (3.4.22)
    slop (4.4.1)
    spidr (0.6.0)
      nokogiri (~> 1.3)
    unicorn (5.1.0)
      kgio (~> 2.6)
      raindrops (~> 0.7)
    validate-website (1.6.0)
      crass (~> 1)
      multipart_body (~> 0.2)
      paint (~> 1)
      slop (~> 4.2)
      spidr (~> 0.6)

PLATFORMS
  ruby

DEPENDENCIES
  jekyll (~> 3.0)
  lanyon (~> 0.4.0)
  rack-protection
  rack-rewrite
  rack-ssl
  rake
  rouge (~> 1.10)
  spidr (~> 0.6)
  unicorn
  validate-website (~> 1.6)

RUBY VERSION
   ruby 2.3.1p112

BUNDLED WITH
   1.13.1
